GEM
  remote: http://rubygems.org/
  specs:
    activemodel (3.2.12)
      activesupport (= 3.2.12)
      builder (~> 3.0.0)
    activerecord (3.2.12)
      activemodel (= 3.2.12)
      activesupport (= 3.2.12)
      arel (~> 3.0.2)
      tzinfo (~> 0.3.29)
    activesupport (3.2.12)
      i18n (~> 0.6)
      multi_json (~> 1.0)
    arel (3.0.2)
    builder (3.0.4)
    commonwatir (1.8.0)
      user-choices
    diff-lcs (1.1.3)
    faker (1.1.2)
      i18n (~> 0.5)
    firewatir (1.8.0)
      commonwatir (= 1.8.0)
    hoe (3.13.0)
      rake (>= 0.8, < 11.0)
    i18n (0.6.1)
    multi_json (1.6.1)
    rake (10.4.2)
    rspec (2.12.0)
      rspec-core (~> 2.12.0)
      rspec-expectations (~> 2.12.0)
      rspec-mocks (~> 2.12.0)
    rspec-core (2.12.0)
    rspec-expectations (2.12.0)
      diff-lcs (~> 1.1.3)
    rspec-mocks (2.12.0)
    s4t-utils (1.0.4)
      hoe (>= 1.3.0)
    soda (1.4.7)
      firewatir (= 1.8.0)
    sqlite3 (1.3.7)
    tzinfo (0.3.35)
    user-choices (1.1.6.1)
      builder (>= 2.1.2)
      s4t-utils (>= 1.0.3)
      xml-simple (>= 1.0.11)
    xml-simple (1.1.4)

PLATFORMS
  ruby

DEPENDENCIES
  activerecord
  faker
  rspec
  soda
  sqlite3
